GEM
  remote: https://rubygems.org/
  specs:
    dogstatsd-ruby (5.2.0)
    nio4r (2.5.7)
    puma (5.3.2)
      nio4r (~> 2.0)
    rack (2.2.3)
    statsd-instrument (3.1.1)

PLATFORMS
  ruby

DEPENDENCIES
  dogstatsd-ruby (~> 5.2)
  puma (~> 5.3)
  rack (~> 2.2)
  statsd-instrument (~> 3.1)

BUNDLED WITH
   2.1.4
