GEM
  remote: https://rubygems.org/
  specs:
    nio4r (2.5.7)
    puma (5.3.2)
      nio4r (~> 2.0)
    rack (2.2.3)
    statsd-instrument (3.1.1)
    statsd-ruby (1.5.0)

PLATFORMS
  ruby

DEPENDENCIES
  puma (~> 5.3)
  rack (~> 2.2)
  statsd-instrument (~> 3.1)
  statsd-ruby (~> 1.5)

BUNDLED WITH
   2.1.4
